GEM
  remote: https://rubygems.org/
  specs:
    arr-pm (0.0.7)
      cabin (> 0)
    backports (2.6.2)
    cabin (0.6.0)
    clamp (0.3.1)
    fpm (0.4.29)
      arr-pm (~> 0.0.7)
      backports (= 2.6.2)
      cabin (>= 0.6.0)
      clamp (= 0.3.1)
      json (= 1.6.6)
      open4
    json (1.6.6)
    open4 (1.3.0)

PLATFORMS
  ruby

DEPENDENCIES
  fpm
